GEM
  remote: https://rubygems.org/
  specs:
    CFPropertyList (2.3.2)
    activesupport (4.2.4)
      i18n (~> 0.7)
      json (~> 1.7, >= 1.7.7)
      minitest (~> 5.1)
      thread_safe (~> 0.3, >= 0.3.4)
      tzinfo (~> 1.1)
    addressable (2.3.8)
    babosa (1.0.2)
    cert (0.3.3)
      fastlane_core (>= 0.19.0, < 1.0.0)
      spaceship (>= 0.6.0)
    claide (0.9.1)
    cocoapods (0.39.0)
      activesupport (>= 4.0.2)
      claide (~> 0.9.1)
      cocoapods-core (= 0.39.0)
      cocoapods-downloader (~> 0.9.3)
      cocoapods-plugins (~> 0.4.2)
      cocoapods-search (~> 0.1.0)
      cocoapods-stats (~> 0.6.2)
      cocoapods-trunk (~> 0.6.4)
      cocoapods-try (~> 0.5.1)
      colored (~> 1.2)
      escape (~> 0.0.4)
      molinillo (~> 0.4.0)
      nap (~> 1.0)
      xcodeproj (~> 0.28.2)
    cocoapods-ack_filter (0.1.1)
      CFPropertyList (>= 2.2)
      cocoapods (~> 0.34)
      libxml-ruby (>= 2.6)
    cocoapods-core (0.39.0)
      activesupport (>= 4.0.2)
      fuzzy_match (~> 2.0.4)
      nap (~> 1.0)
    cocoapods-downloader (0.9.3)
    cocoapods-plugins (0.4.2)
      nap
    cocoapods-search (0.1.0)
    cocoapods-stats (0.6.2)
    cocoapods-trunk (0.6.4)
      nap (>= 0.8, < 2.0)
      netrc (= 0.7.8)
    cocoapods-try (0.5.1)
    coderay (1.1.0)
    colored (1.2)
    commander (4.3.5)
      highline (~> 1.7.2)
    credentials_manager (0.10.0)
      colored
      highline (>= 1.7.1)
      security
    deliver (1.5.0)
      credentials_manager (>= 0.9.0)
      fastimage (~> 1.6.3)
      fastlane_core (>= 0.19.0, < 1.0.0)
      plist (~> 3.1.0)
      spaceship (>= 0.13.0, <= 1.0.0)
    domain_name (0.5.25)
      unf (>= 0.0.5, < 1.0.0)
    dotenv (2.0.2)
    escape (0.0.4)
    excon (0.45.4)
    faraday (0.9.2)
      multipart-post (>= 1.2, < 3)
    faraday_middleware (0.10.0)
      faraday (>= 0.7.4, < 0.10)
    fastimage (1.6.8)
      addressable (~> 2.3, >= 2.3.5)
    fastlane (1.30.2)
      addressable (~> 2.3.8)
      cert (>= 0.3.2, < 1.0.0)
      credentials_manager (>= 0.8.2, < 1.0.0)
      deliver (>= 1.1.1, < 2.0.0)
      fastlane_core (>= 0.18.2, < 1.0.0)
      frameit (>= 2.2.1, < 3.0.0)
      gym (>= 0.8.4, < 1.0.0)
      krausefx-shenzhen (>= 0.14.5)
      nokogiri (~> 1.6)
      pbxplorer (~> 1.0.0)
      pem (>= 0.8.0, < 1.0.0)
      pilot (>= 0.2.1, < 1.0.0)
      plist (~> 3.1.0)
      produce (>= 0.6.2, < 1.0.0)
      rest-client (~> 1.8.0)
      sigh (>= 0.10.8, < 1.0.0)
      slack-notifier (~> 1.0)
      snapshot (>= 0.10.0, < 1.0.0)
      spaceship (>= 0.10.2, < 1.0.0)
      terminal-notifier (~> 1.6.2)
      terminal-table (~> 1.4.5)
      xcodeproj (>= 0.20, < 1.0.0)
      xcpretty (>= 0.1.11)
    fastlane_core (0.26.1)
      babosa
      colored
      commander (>= 4.3.5)
      credentials_manager (>= 0.8.2, < 1.0.0)
      excon (~> 0.45.0)
      highline (>= 1.7.2)
      json
      multi_json
      plist (~> 3.1)
      rubyzip (~> 1.1.6)
      sentry-raven (~> 0.15)
      terminal-table (~> 1.4.5)
    frameit (2.3.0)
      deliver (> 0.3)
      fastimage (~> 1.6.3)
      fastlane_core (>= 0.16.0, < 1.0.0)
      mini_magick (~> 4.0.2)
    fuzzy_match (2.0.4)
    gym (0.9.1)
      fastlane_core (>= 0.22.3, < 1.0.0)
      plist
      rubyzip (>= 1.1.7)
      terminal-table
      xcpretty
    highline (1.7.8)
    http-cookie (1.0.2)
      domain_name (~> 0.5)
    i18n (0.7.0)
    json (1.8.3)
    krausefx-shenzhen (0.14.6)
      commander (~> 4.3)
      dotenv (>= 0.7)
      faraday (~> 0.9)
      faraday_middleware (~> 0.9)
      highline (>= 1.7.2)
      json (~> 1.8)
      net-sftp (~> 2.1.2)
      plist (~> 3.1.0)
      rubyzip (~> 1.1)
      security (~> 0.1.3)
      terminal-table (~> 1.4.5)
    libxml-ruby (2.8.0)
    method_source (0.8.2)
    mime-types (2.6.2)
    mini_magick (4.0.4)
    mini_portile (0.6.2)
    minitest (5.8.2)
    molinillo (0.4.0)
    multi_json (1.11.2)
    multi_xml (0.5.5)
    multipart-post (2.0.0)
    nap (1.0.0)
    net-sftp (2.1.2)
      net-ssh (>= 2.6.5)
    net-ssh (3.0.1)
    netrc (0.7.8)
    nokogiri (1.6.6.2)
      mini_portile (~> 0.6.0)
    pbxplorer (1.0.0)
    pem (0.8.1)
      fastlane_core (>= 0.19.0, < 1.0.0)
      spaceship (>= 0.11.2)
    pilot (0.3.0)
      credentials_manager (>= 0.3.0)
      fastlane_core (>= 0.16.1, < 1.0.0)
      spaceship (>= 0.12.0, < 1.0.0)
      terminal-table (~> 1.4.5)
    plist (3.1.0)
    produce (0.6.5)
      fastlane_core (>= 0.16.0, < 1.0.0)
      spaceship (>= 0.6.0)
    pry (0.10.3)
      coderay (~> 1.1.0)
      method_source (~> 0.8.1)
      slop (~> 3.4)
    rake (10.4.2)
    rest-client (1.8.0)
      http-cookie (>= 1.0.2, < 2.0)
      mime-types (>= 1.16, < 3.0)
      netrc (~> 0.7)
    rouge (1.10.1)
    rubyzip (1.1.7)
    security (0.1.3)
    sentry-raven (0.15.2)
      faraday (>= 0.7.6)
    sigh (0.10.9)
      fastlane_core (>= 0.19.0, < 1.0.0)
      plist (~> 3.1)
      spaceship (>= 0.6.0)
    slack-notifier (1.4.0)
    slop (3.6.0)
    snapshot (0.10.2)
      fastimage (~> 1.6.3)
      fastlane_core (>= 0.16.1, < 1.0.0)
    spaceship (0.13.1)
      colored
      credentials_manager (>= 0.9.0)
      faraday (~> 0.9)
      faraday_middleware (~> 0.9)
      fastimage (~> 1.6)
      multi_xml (~> 0.5)
      plist (~> 3.1)
      pry
    terminal-notifier (1.6.3)
    terminal-table (1.4.5)
    thread_safe (0.3.5)
    tzinfo (1.2.2)
      thread_safe (~> 0.1)
    unf (0.1.4)
      unf_ext
    unf_ext (0.0.7.1)
    xcodeproj (0.28.2)
      activesupport (>= 3)
      claide (~> 0.9.1)
      colored (~> 1.2)
    xcpretty (0.2.1)
      rouge (~> 1.8)

PLATFORMS
  ruby

DEPENDENCIES
  cocoapods (= 0.39.0)
  cocoapods-ack_filter (= 0.1.1)
  fastlane (= 1.30.2)
  rake (= 10.4.2)

BUNDLED WITH
   1.10.6
